PATH
  remote: .
  specs:
    set_as_primary (0.1.0)
      activesupport (>= 4.2)

GEM
  remote: https://rubygems.org/
  specs:
    activemodel (6.0.1)
      activesupport (= 6.0.1)
    activerecord (6.0.1)
      activemodel (= 6.0.1)
      activesupport (= 6.0.1)
    activesupport (6.0.1)
      concurrent-ruby (~> 1.0, >= 1.0.2)
      i18n (>= 0.7, < 2)
      minitest (~> 5.1)
      tzinfo (~> 1.1)
      zeitwerk (~> 2.2)
    concurrent-ruby (1.1.5)
    i18n (1.7.0)
      concurrent-ruby (~> 1.0)
    minitest (5.13.0)
    mysql2 (0.4.10)
    pg (0.21.0)
    rake (10.5.0)
    sqlite3 (1.4.1)
    thread_safe (0.3.6)
    tzinfo (1.2.5)
      thread_safe (~> 0.1)
    zeitwerk (2.2.1)

PLATFORMS
  ruby

DEPENDENCIES
  activerecord
  bundler (~> 2.0)
  minitest (~> 5.0)
  mysql2 (< 0.5)
  pg (< 1)
  rake (~> 10.0)
  set_as_primary!
  sqlite3

BUNDLED WITH
   2.0.1
